GEM
  remote: https://rubygems.org/
  specs:
    coderay (1.1.3)
    httparty (0.21.0)
      mini_mime (>= 1.0.0)
      multi_xml (>= 0.5.2)
    method_source (1.0.0)
    mini_mime (1.1.2)
    multi_xml (0.6.0)
    nokogiri (1.14.3-x86_64-linux)
      racc (~> 1.4)
    pry (0.14.2)
      coderay (~> 1.1)
      method_source (~> 1.0)
    racc (1.6.2)

PLATFORMS
  x86_64-linux

DEPENDENCIES
  httparty
  nokogiri
  pry

BUNDLED WITH
   2.3.5
